GEM
  remote: https://rubygems.org/
  specs:
    et-orbi (1.0.5)
      tzinfo
    faraday (0.10.0)
      multipart-post (>= 1.2, < 3)
    minitest (5.10.2)
    multipart-post (2.0.0)
    rufus-scheduler (3.4.2)
      et-orbi (~> 1.0)
    sqlite3 (1.3.13)
    thread_safe (0.3.6)
    tzinfo (1.2.3)
      thread_safe (~> 0.1)

PLATFORMS
  ruby

DEPENDENCIES
  faraday (= 0.10.0)
  minitest (= 5.10.2)
  rufus-scheduler (= 3.4.2)
  sqlite3 (= 1.3.13)

BUNDLED WITH
   1.13.6
